PATH
  remote: .
  specs:
    has-bit-field (1.1.0)

GEM
  remote: http://rubygems.org/
  specs:
    activerecord (2.3.10)
      activesupport (= 2.3.10)
    activesupport (2.3.10)
    sqlite3-ruby (1.3.2)

PLATFORMS
  ruby

DEPENDENCIES
  activerecord (~> 2.3.5)
  has-bit-field!
  sqlite3-ruby
